GEM
  remote: https://rubygems.org/
  specs:
    codecov (0.1.14)
      json
      simplecov
      url
    docile (1.3.1)
    json (2.1.0)
    power_assert (1.1.3)
    simplecov (0.16.1)
      docile (~> 1.1)
      json (>= 1.8, < 3)
      simplecov-html (~> 0.10.0)
    simplecov-html (0.10.2)
    test-unit (3.2.9)
      power_assert
    url (0.3.2)

PLATFORMS
  ruby
  x64-mingw32

DEPENDENCIES
  codecov!
  test-unit (~> 3.2.0)!

BUNDLED WITH
   2.0.1
